GEM
  remote: https://rubygems.org/
  specs:
    ffi (1.10.0)
    metaclass (0.0.4)
    minitest (5.11.3)
    mocha (1.8.0)
      metaclass (~> 0.0.1)
    ood_core (0.9.3)
      ffi (~> 1.9, >= 1.9.6)
      ood_support (~> 0.0.2)
    ood_support (0.0.3)
    rack (1.6.12)
    rack-protection (1.5.5)
      rack
    rake (12.3.3)
    rdoc (6.1.1)
    sdoc (1.0.0)
      rdoc (>= 5.0)
    sinatra (1.4.8)
      rack (~> 1.5)
      rack-protection (~> 1.4)
      tilt (>= 1.3, < 3)
    tilt (2.0.9)

PLATFORMS
  ruby

DEPENDENCIES
  minitest
  mocha
  ood_core (~> 0.1)
  rake
  sdoc
  sinatra

BUNDLED WITH
   1.13.7
