GEM
  remote: https://rubygems.org/
  specs:
    metaclass (0.0.4)
    minitest (5.11.3)
    mocha (1.8.0)
      metaclass (~> 0.0.1)
    mustermann (1.0.3)
    ood_core (0.5.1)
      ood_support (~> 0.0.2)
    ood_support (0.0.3)
    rack (2.0.5)
    rack-protection (2.0.4)
      rack
    rake (12.3.2)
    rdoc (6.0.4)
    sdoc (1.0.0)
      rdoc (>= 5.0)
    sinatra (2.0.4)
      mustermann (~> 1.0)
      rack (~> 2.0)
      rack-protection (= 2.0.4)
      tilt (~> 2.0)
    tilt (2.0.8)

PLATFORMS
  ruby

DEPENDENCIES
  minitest
  mocha
  ood_core (~> 0.1)
  rake
  sdoc
  sinatra

BUNDLED WITH
   1.13.7
