GEM
  remote: https://rubygems.org/
  specs:
    ffi (1.12.2)
    minitest (5.14.0)
    mocha (1.11.2)
    mustermann (1.1.1)
      ruby2_keywords (~> 0.0.1)
    ood_core (0.11.1)
      ffi (~> 1.9, >= 1.9.6)
      ood_support (~> 0.0.2)
    ood_support (0.0.3)
    rack (2.2.2)
    rack-protection (2.0.8.1)
      rack
    rake (13.0.1)
    rdoc (6.2.1)
    ruby2_keywords (0.0.2)
    sdoc (1.1.0)
      rdoc (>= 5.0)
    sinatra (2.0.8.1)
      mustermann (~> 1.0)
      rack (~> 2.0)
      rack-protection (= 2.0.8.1)
      tilt (~> 2.0)
    tilt (2.0.10)

PLATFORMS
  ruby

DEPENDENCIES
  minitest
  mocha
  ood_core (~> 0.11)
  rake
  sdoc
  sinatra

BUNDLED WITH
   1.17.3
